GEM
  remote: https://rubygems.org/
  specs:
    byebug (3.1.2)
      columnize (~> 0.8)
      debugger-linecache (~> 1.2)
    columnize (0.8.9)
    debugger-linecache (1.2.0)
    riif (0.6.0)

PLATFORMS
  ruby

DEPENDENCIES
  byebug
  riif
